GIT
  remote: git://github.com/livingsocial/rake-pipeline.git
  revision: 65b1e744defa208e313703d89f3453447cc103b2
  specs:
    rake-pipeline (0.8.0)
      json
      rake (~> 10.0.0)
      thor

GIT
  remote: git://github.com/radiumsoftware/hydrogen.git
  revision: 500130ac073b060277f12387f7b31d15ea3b7aba
  specs:
    hydrogen (0.0.1)
      thor

GIT
  remote: git://github.com/radiumsoftware/iridium-ember.git
  revision: 954de63905962bf9995a3624d2b196f7b84fc0f5
  specs:
    iridium-ember (0.1.0)
      barber (~> 0.4.0)

GIT
  remote: git://github.com/radiumsoftware/iridium.git
  revision: d6ff8a72f012ce381b7d61e4f5a25bb6bdf16b74
  specs:
    iridium (0.9.0.rc1)
      activesupport
      barber
      coffee-script
      compass
      execjs
      less
      rack
      rack-rewrite
      rake-pipeline (~> 0.8.0)
      rake-pipeline-web-filters (= 0.7.0)
      sass
      thor
      uglifier (~> 1.2.3)
      yui-compressor

GIT
  remote: git://github.com/tchak/barber.git
  revision: de6e6e7e18fb1487b6bd4572270d29f2c5c6b2e8
  specs:
    barber (0.4.1)
      ember-source
      execjs
      handlebars-source

GIT
  remote: git://github.com/wycats/thor.git
  revision: dc96d00377d00e90fcea3721d715136dd638df67
  specs:
    thor (0.18.0)

GEM
  remote: https://rubygems.org/
  specs:
    POpen4 (0.1.4)
      Platform (>= 0.4.0)
      open4
    Platform (0.4.0)
    activesupport (3.2.13)
      i18n (= 0.6.1)
      multi_json (~> 1.0)
    chunky_png (1.2.7)
    coffee-script (2.2.0)
      coffee-script-source
      execjs
    coffee-script-source (1.6.2)
    commonjs (0.2.6)
    compass (0.12.2)
      chunky_png (~> 1.2)
      fssm (>= 0.2.7)
      sass (~> 3.1)
    ember-source (0.0.3)
      handlebars-source (>= 1.0.0.rc3, < 1.0.0.rc4)
    execjs (1.4.0)
      multi_json (~> 1.0)
    fssm (0.2.10)
    handlebars-source (1.0.0.rc.3)
    i18n (0.6.1)
    json (1.7.7)
    less (2.3.1)
      commonjs (~> 0.2.6)
    multi_json (1.7.2)
    open4 (1.3.0)
    rack (1.5.2)
    rack-rewrite (1.3.3)
    rake (10.0.4)
    rake-pipeline-web-filters (0.7.0)
      rack
      rake-pipeline (~> 0.6)
    sass (3.2.7)
    uglifier (1.2.7)
      execjs (>= 0.3.0)
      multi_json (~> 1.3)
    yui-compressor (0.9.6)
      POpen4 (>= 0.1.4)

PLATFORMS
  ruby

DEPENDENCIES
  barber!
  handlebars-source (= 1.0.0.rc3)
  hydrogen!
  iridium!
  iridium-ember!
  rake-pipeline!
  thor!
